GIT
  remote: git://github.com/chetan/easycov.git
  revision: 6e89ff38c36a605c4de8a34893726c73bd93f3b4
  specs:
    easycov (0.4.0)
      multi_json
      simplecov
      simplecov-console
      simplecov-html

GIT
  remote: git://github.com/chetan/micron.git
  revision: 0c1e9c0b9d9e052805f43485fe3454cbd25913c5
  specs:
    micron (0.5.1)
      ansi
      easycov
      hitimes

GIT
  remote: https://github.com/chetan/api_auth.git
  revision: ddb73695efba631fdebe310f6710c0badc2b7be9
  branch: bixby
  specs:
    api-auth (1.0.3)

GIT
  remote: https://github.com/chetan/jeweler.git
  revision: b90381a3958daae7f3ce3d8c4d710fe39e72443b
  branch: bixby
  specs:
    jeweler (2.0.1)
      builder
      bundler (>= 1.0)
      git (>= 1.2.5)
      github_api
      highline (>= 1.6.15)
      nokogiri (>= 1.5.10)
      rake

GIT
  remote: https://github.com/chetan/simplecov.git
  revision: 308449b2193700f7a9a4291821a323110838fbc0
  branch: inline_nocov
  specs:
    simplecov (0.7.1)
      multi_json (~> 1.0)
      simplecov-html (~> 0.7.1)

GIT
  remote: https://github.com/chetan/test_guard.git
  revision: 178e47e2e57dc83060d6cabc18f206916b9d02f2
  specs:
    test_guard (0.2.1)
      awesome_print
      easycov
      growl
      listen
      simplecov
      simplecov-console

GEM
  remote: https://rubygems.org/
  specs:
    addressable (2.3.6)
    ansi (1.4.3)
    awesome_print (1.2.0)
    builder (3.2.2)
    celluloid (0.16.0)
      timers (~> 4.0.0)
    coderay (1.1.0)
    colorize (0.7.3)
    coveralls (0.7.1)
      multi_json (~> 1.3)
      rest-client
      simplecov (>= 0.7)
      term-ansicolor
      thor
    crack (0.4.2)
      safe_yaml (~> 1.0.0)
    curb (0.8.6)
    descendants_tracker (0.0.4)
      thread_safe (~> 0.3, >= 0.3.1)
    eventmachine (1.0.3)
    eventmachine (1.0.3-java)
    faraday (0.9.0)
      multipart-post (>= 1.2, < 3)
    faye-websocket (0.7.4)
      eventmachine (>= 0.12.0)
      websocket-driver (>= 0.3.1)
    ffi (1.9.5)
    ffi (1.9.5-java)
    git (1.2.8)
    github_api (0.12.1)
      addressable (~> 2.3)
      descendants_tracker (~> 0.0.4)
      faraday (~> 0.8, < 0.10)
      hashie (>= 3.2)
      multi_json (>= 1.7.5, < 2.0)
      nokogiri (~> 1.6.3)
      oauth2
    growl (1.0.3)
    hashie (3.3.1)
    highline (1.6.21)
    hirb (0.7.2)
    hitimes (1.2.2)
    hitimes (1.2.2-java)
    httpclient (2.4.0)
    httpi (2.2.7)
      rack
    jruby-openssl (0.9.5-java)
    json (1.8.1)
    json (1.8.1-java)
    jwt (1.0.0)
    listen (2.7.11)
      celluloid (>= 0.15.2)
      rb-fsevent (>= 0.9.3)
      rb-inotify (>= 0.9)
    little-plugger (1.1.3)
    logging (1.8.2)
      little-plugger (>= 1.1.3)
      multi_json (>= 1.8.4)
    metaclass (0.0.4)
    method_source (0.8.2)
    mime-types (2.3)
    mini_portile (0.6.0)
    mixlib-shellout (1.4.0)
    mocha (1.1.0)
      metaclass (~> 0.0.1)
    multi_json (1.10.1)
    multi_xml (0.5.5)
    multipart-post (2.0.0)
    netrc (0.7.7)
    nokogiri (1.6.3.1)
      mini_portile (= 0.6.0)
    nokogiri (1.6.3.1-java)
    oauth2 (1.0.0)
      faraday (>= 0.8, < 0.10)
      jwt (~> 1.0)
      multi_json (~> 1.3)
      multi_xml (~> 0.5)
      rack (~> 1.2)
    oj (2.10.2)
    pry (0.10.1)
      coderay (~> 1.1.0)
      method_source (~> 0.8.1)
      slop (~> 3.4)
    pry (0.10.1-java)
      coderay (~> 1.1.0)
      method_source (~> 0.8.1)
      slop (~> 3.4)
      spoon (~> 0.0)
    rack (1.5.2)
    rake (10.3.2)
    rb-fchange (0.0.6)
      ffi
    rb-fsevent (0.9.4)
    rb-inotify (0.9.5)
      ffi (>= 0.5.0)
    rest-client (1.7.2)
      mime-types (>= 1.16, < 3.0)
      netrc (~> 0.7)
    safe_yaml (1.0.4)
    semver2 (3.4.0)
    simplecov-console (0.2.0)
      colorize
      hirb
      simplecov
    simplecov-html (0.7.1)
    slop (3.6.0)
    spoon (0.0.4)
      ffi
    term-ansicolor (1.3.0)
      tins (~> 1.0)
    thor (0.19.1)
    thread_safe (0.3.4)
    thread_safe (0.3.4-java)
    timers (4.0.1)
      hitimes
    tins (1.3.3)
    webmock (1.19.0)
      addressable (>= 2.3.6)
      crack (>= 0.3.2)
    websocket-driver (0.3.4)
    websocket-driver (0.3.4-java)
    yard (0.8.7.4)

PLATFORMS
  java
  ruby

DEPENDENCIES
  api-auth (~> 1.0)!
  bundler (~> 1.1)
  coveralls
  curb
  easycov!
  faye-websocket (~> 0.7)
  httpclient
  httpi (~> 2.1)
  jeweler (~> 2.0)!
  jruby-openssl
  json
  logging (~> 1.8)
  micron!
  mixlib-shellout
  mocha
  multi_json (~> 1.8)
  oj
  pry (~> 0.9)
  rb-fchange (~> 0.0)
  rb-fsevent (~> 0.9)
  rb-inotify (~> 0.9)
  semver2 (~> 3.3)
  simplecov!
  test_guard (~> 0.2)!
  webmock
  yard (~> 0.8)
