GIT
  remote: https://github.com/chetan/systemu.git
  revision: cb6524a4c50213bec52262f6c0f090e11bb3a586
  branch: forkbomb
  specs:
    systemu (2.5.2)

GIT
  remote: https://github.com/chetan/test_guard.git
  revision: 80804657250cd019c5c3ecc0ce87a210536bf545
  specs:
    test_guard (0.1.2)
      awesome_print
      growl
      guard
      rb-fchange
      rb-fsevent
      rb-inotify
      simplecov
      simplecov-console

GEM
  remote: http://rubygems.org/
  specs:
    ansi (1.4.3)
    awesome_print (1.1.0)
    coderay (1.0.8)
    colorize (0.5.8)
    curb (0.8.3)
    ffi (1.1.5)
    git (1.2.5)
    growl (1.0.3)
    guard (1.5.4)
      listen (>= 0.4.2)
      lumberjack (>= 1.0.2)
      pry (>= 0.9.10)
      thor (>= 0.14.6)
    hirb (0.7.0)
    jeweler (1.8.4)
      bundler (~> 1.0)
      git (>= 1.2.5)
      rake
      rdoc
    json (1.7.5)
    listen (0.5.3)
    lumberjack (1.0.2)
    method_source (0.8.1)
    minitest (4.2.0)
    multi_json (1.3.7)
    oj (1.4.4)
    pry (0.9.10)
      coderay (~> 1.0.5)
      method_source (~> 0.8)
      slop (~> 3.3.1)
    rake (0.9.2.2)
    rb-fchange (0.0.6)
      ffi
    rb-fsevent (0.9.2)
    rb-inotify (0.8.8)
      ffi (>= 0.5.0)
    rcov (1.0.0)
    rdoc (3.12)
      json (~> 1.4)
    simplecov (0.7.1)
      multi_json (~> 1.0)
      simplecov-html (~> 0.7.1)
    simplecov-console (0.1.0)
      colorize
      hirb
      simplecov
    simplecov-html (0.7.1)
    slop (3.3.3)
    test-unit (2.5.2)
    thor (0.16.0)
    turn (0.9.6)
      ansi
    yard (0.8.3)

PLATFORMS
  ruby

DEPENDENCIES
  bundler (~> 1.1)
  curb
  jeweler (~> 1.8.3)
  minitest
  multi_json
  oj
  pry
  rcov
  simplecov
  systemu!
  test-unit
  test_guard!
  turn
  yard (~> 0.8)
