GIT
  remote: https://github.com/chetan/test_guard.git
  revision: 87e79592d1102acde8ca06cb305a40557ead01f4
  specs:
    test_guard (0.1.1)
      awesome_print
      colorize
      growl
      guard
      hirb
      simplecov

GEM
  remote: http://rubygems.org/
  specs:
    ansi (1.4.2)
    awesome_print (1.1.0)
    colorize (0.5.8)
    curb (0.8.0)
    git (1.2.5)
    growl (1.0.3)
    guard (1.4.0)
      listen (>= 0.4.2)
      thor (>= 0.14.6)
    hirb (0.7.0)
    jeweler (1.8.3)
      bundler (~> 1.0)
      git (>= 1.2.5)
      rake
      rdoc
    json (1.7.3)
    listen (0.5.3)
    minitest (3.1.0)
    multi_json (1.3.6)
    oj (1.2.11)
    rake (0.9.2.2)
    rb-fsevent (0.9.2)
    rcov (1.0.0)
    rdoc (3.12)
      json (~> 1.4)
    simplecov (0.6.4)
      multi_json (~> 1.0)
      simplecov-html (~> 0.5.3)
    simplecov-html (0.5.3)
    systemu (2.5.1)
    test-unit (2.5.0)
    thor (0.16.0)
    turn (0.9.5)
      ansi
    yard (0.8.2.1)

PLATFORMS
  ruby

DEPENDENCIES
  bundler (~> 1.1)
  curb
  jeweler (~> 1.8.3)
  minitest
  multi_json
  oj
  rb-fsevent (~> 0.9.1)
  rcov
  simplecov
  systemu
  test-unit
  test_guard!
  turn
  yard (~> 0.8)
