GIT
  remote: git://github.com/chetan/easycov.git
  revision: 6e89ff38c36a605c4de8a34893726c73bd93f3b4
  specs:
    easycov (0.4.0)
      multi_json
      simplecov
      simplecov-console
      simplecov-html

GIT
  remote: git://github.com/chetan/jeweler.git
  revision: 0334ea443c612bcbe3ebb7594b0a391fab233667
  branch: bixby
  specs:
    jeweler (2.0.1)
      builder
      bundler (>= 1.0)
      git (>= 1.2.5)
      github_api
      highline (>= 1.6.15)
      nokogiri (>= 1.5.10)
      rake

GIT
  remote: git://github.com/chetan/micron.git
  revision: 576f6699e2a7ff1828ce5c333cc5fa433c0be380
  specs:
    micron (0.5.1)
      ansi
      easycov
      hitimes

GIT
  remote: git://github.com/chetan/simplecov.git
  revision: 308449b2193700f7a9a4291821a323110838fbc0
  branch: inline_nocov
  specs:
    simplecov (0.7.1)
      multi_json (~> 1.0)
      simplecov-html (~> 0.7.1)

GIT
  remote: git://github.com/chetan/test_guard.git
  revision: 178e47e2e57dc83060d6cabc18f206916b9d02f2
  specs:
    test_guard (0.2.1)
      awesome_print
      easycov
      growl
      listen
      simplecov
      simplecov-console

GEM
  remote: https://rubygems.org/
  specs:
    addressable (2.3.8)
    ansi (1.5.0)
    awesome_print (1.6.1)
    bixby-auth (0.1.1)
    builder (3.2.2)
    celluloid (0.16.0)
      timers (~> 4.0.0)
    coderay (1.1.0)
    colorize (0.7.5)
    coveralls (0.7.2)
      multi_json (~> 1.3)
      rest-client (= 1.6.7)
      simplecov (>= 0.7)
      term-ansicolor (= 1.2.2)
      thor (= 0.18.1)
    crack (0.4.2)
      safe_yaml (~> 1.0.0)
    descendants_tracker (0.0.4)
      thread_safe (~> 0.3, >= 0.3.1)
    eventmachine (1.0.7)
    eventmachine (1.0.7-java)
    faraday (0.9.1)
      multipart-post (>= 1.2, < 3)
    faye-websocket (0.9.2)
      eventmachine (>= 0.12.0)
      websocket-driver (>= 0.5.1)
    ffi (1.9.8)
    ffi (1.9.8-java)
    git (1.2.9.1)
    github_api (0.12.3)
      addressable (~> 2.3)
      descendants_tracker (~> 0.0.4)
      faraday (~> 0.8, < 0.10)
      hashie (>= 3.3)
      multi_json (>= 1.7.5, < 2.0)
      nokogiri (~> 1.6.3)
      oauth2
    growl (1.0.3)
    hashie (3.4.1)
    highline (1.7.1)
    hirb (0.7.3)
    hitimes (1.2.2)
    hitimes (1.2.2-java)
    httpclient (2.6.0.1)
    httpi (2.4.0)
      rack
    jruby-openssl (0.9.6-java)
    json (1.8.2)
    json (1.8.2-java)
    jwt (1.4.1)
    listen (2.10.0)
      celluloid (~> 0.16.0)
      rb-fsevent (>= 0.9.3)
      rb-inotify (>= 0.9)
    little-plugger (1.1.3)
    logging (1.8.2)
      little-plugger (>= 1.1.3)
      multi_json (>= 1.8.4)
    metaclass (0.0.4)
    method_source (0.8.2)
    mime-types (2.4.3)
    mini_portile (0.6.2)
    mixlib-shellout (2.0.1)
    mocha (1.1.0)
      metaclass (~> 0.0.1)
    multi_json (1.11.0)
    multi_xml (0.5.5)
    multipart-post (2.0.0)
    nokogiri (1.6.6.2)
      mini_portile (~> 0.6.0)
    nokogiri (1.6.6.2-java)
    oauth2 (1.0.0)
      faraday (>= 0.8, < 0.10)
      jwt (~> 1.0)
      multi_json (~> 1.3)
      multi_xml (~> 0.5)
      rack (~> 1.2)
    oj (2.12.1)
    pry (0.10.1)
      coderay (~> 1.1.0)
      method_source (~> 0.8.1)
      slop (~> 3.4)
    pry (0.10.1-java)
      coderay (~> 1.1.0)
      method_source (~> 0.8.1)
      slop (~> 3.4)
      spoon (~> 0.0)
    rack (1.6.0)
    rake (10.4.2)
    rb-fchange (0.0.6)
      ffi
    rb-fsevent (0.9.4)
    rb-inotify (0.9.5)
      ffi (>= 0.5.0)
    rest-client (1.6.7)
      mime-types (>= 1.16)
    safe_yaml (1.0.4)
    semver2 (3.4.2)
    simplecov-console (0.2.0)
      colorize
      hirb
      simplecov
    simplecov-html (0.7.1)
    slop (3.6.0)
    spoon (0.0.4)
      ffi
    term-ansicolor (1.2.2)
      tins (~> 0.8)
    thor (0.18.1)
    thread_safe (0.3.5)
    thread_safe (0.3.5-java)
    timers (4.0.1)
      hitimes
    tins (0.13.2)
    webmock (1.21.0)
      addressable (>= 2.3.6)
      crack (>= 0.3.2)
    websocket-driver (0.5.4)
      websocket-extensions (>= 0.1.0)
    websocket-driver (0.5.4-java)
      websocket-extensions (>= 0.1.0)
    websocket-extensions (0.1.2)
    yard (0.8.7.6)

PLATFORMS
  java
  ruby

DEPENDENCIES
  bixby-auth (~> 0.1)
  bundler (~> 1.1)
  coveralls
  easycov!
  faye-websocket (~> 0.7)
  httpclient
  httpi (~> 2.1)
  jeweler (~> 2.0)!
  jruby-openssl
  json
  logging (~> 1.8)
  micron!
  mixlib-shellout
  mocha
  multi_json (~> 1.8)
  oj
  pry (~> 0.9)
  rb-fchange (~> 0.0)
  rb-fsevent (~> 0.9)
  rb-inotify (~> 0.9)
  semver2 (~> 3.3)
  simplecov!
  test_guard (~> 0.2)!
  webmock
  yard (~> 0.8)
