GIT
  remote: https://github.com/chetan/httpi.git
  revision: f6e49303fee6778c714bcc556fa5f9247bc3a3f3
  branch: chunked_responses
  specs:
    httpi (2.0.0)
      rack

GIT
  remote: https://github.com/chetan/systemu.git
  revision: cb6524a4c50213bec52262f6c0f090e11bb3a586
  branch: forkbomb
  specs:
    systemu (2.5.2)

GIT
  remote: https://github.com/chetan/test_guard.git
  revision: 7dbe658afc09718285c2009cb9b42e5c7949581f
  specs:
    test_guard (0.1.2)
      awesome_print
      growl
      guard
      rb-fchange
      rb-fsevent
      rb-inotify
      simplecov
      simplecov-console
      turn

GEM
  remote: http://rubygems.org/
  specs:
    addressable (2.3.2)
    ansi (1.4.3)
    awesome_print (1.1.0)
    bouncy-castle-java (1.5.0146.1)
    coderay (1.0.8)
    colorize (0.5.8)
    crack (0.3.1)
    curb (0.8.3)
    ffi (1.2.0)
    ffi (1.2.0-java)
    git (1.2.5)
    growl (1.0.3)
    guard (1.5.4)
      listen (>= 0.4.2)
      lumberjack (>= 1.0.2)
      pry (>= 0.9.10)
      thor (>= 0.14.6)
    hirb (0.7.0)
    httpclient (2.3.0.1)
    jeweler (1.8.4)
      bundler (~> 1.0)
      git (>= 1.2.5)
      rake
      rdoc
    jruby-openssl (0.8.2)
      bouncy-castle-java (>= 1.5.0146.1)
    json (1.7.5)
    json (1.7.5-java)
    listen (0.6.0)
    lumberjack (1.0.2)
    metaclass (0.0.1)
    method_source (0.8.1)
    minitest (4.3.3)
    mocha (0.13.1)
      metaclass (~> 0.0.1)
    multi_json (1.5.0)
    oj (2.0.0)
    pry (0.9.10)
      coderay (~> 1.0.5)
      method_source (~> 0.8)
      slop (~> 3.3.1)
    pry (0.9.10-java)
      coderay (~> 1.0.5)
      method_source (~> 0.8)
      slop (~> 3.3.1)
      spoon (~> 0.0)
    rack (1.4.1)
    rake (10.0.3)
    rb-fchange (0.0.6)
      ffi
    rb-fsevent (0.9.2)
    rb-inotify (0.8.8)
      ffi (>= 0.5.0)
    rcov (1.0.0)
    rdoc (3.12)
      json (~> 1.4)
    simplecov (0.7.1)
      multi_json (~> 1.0)
      simplecov-html (~> 0.7.1)
    simplecov-console (0.1.0)
      colorize
      hirb
      simplecov
    simplecov-html (0.7.1)
    slop (3.3.3)
    spoon (0.0.1)
    test-unit (2.5.3)
    thor (0.16.0)
    turn (0.9.6)
      ansi
    webmock (1.9.0)
      addressable (>= 2.2.7)
      crack (>= 0.1.7)
    yard (0.8.3)

PLATFORMS
  java
  ruby

DEPENDENCIES
  bundler (~> 1.1)
  curb
  httpclient
  httpi!
  jeweler (~> 1.8.3)
  jruby-openssl
  json
  minitest
  mocha
  multi_json
  oj
  pry
  rcov
  simplecov
  systemu!
  test-unit
  test_guard!
  turn
  webmock
  yard (~> 0.8)
