GIT
  remote: git://github.com/chetan/easycov.git
  revision: 58be40eddda14fb8db4f1b72427922e8054bae7a
  specs:
    easycov (0.1.1)
      multi_json
      simplecov

GIT
  remote: git://github.com/chetan/micron.git
  revision: 9d5bc007c74a4264c9f101b7ca275f4c6db4ba45
  specs:
    micron (0.1.0)
      colorize
      easycov
      hitimes

GIT
  remote: https://github.com/chetan/api_auth.git
  revision: 86a79ca157402bd1c12d683a6b9948564b493443
  branch: bixby
  specs:
    api-auth (1.0.3)

GIT
  remote: https://github.com/chetan/jeweler.git
  revision: c83ba18b074e82415052e80499a770bff87bf944
  branch: bixby
  specs:
    jeweler (1.8.7)
      builder
      bundler (~> 1.0)
      git (>= 1.2.5)
      github_api (= 0.10.1)
      highline (>= 1.6.15)
      nokogiri (= 1.5.10)
      rake
      rdoc

GIT
  remote: https://github.com/chetan/simplecov.git
  revision: 308449b2193700f7a9a4291821a323110838fbc0
  branch: inline_nocov
  specs:
    simplecov (0.7.1)
      multi_json (~> 1.0)
      simplecov-html (~> 0.7.1)

GIT
  remote: https://github.com/chetan/test_guard.git
  revision: 72fade8f2fda1747ece442aee40be53d5cb293c9
  specs:
    test_guard (0.2.1)
      awesome_print
      growl
      listen
      simplecov
      simplecov-console
      single_test
      turn

GEM
  remote: https://rubygems.org/
  specs:
    addressable (2.3.5)
    ansi (1.4.3)
    awesome_print (1.2.0)
    bouncy-castle-java (1.5.0147)
    builder (3.2.2)
    coderay (1.0.9)
    colorize (0.6.0)
    crack (0.4.1)
      safe_yaml (~> 0.9.0)
    curb (0.8.4)
    eventmachine (1.0.3)
    eventmachine (1.0.3-java)
    faraday (0.8.8)
      multipart-post (~> 1.2.0)
    faye-websocket (0.6.3)
      eventmachine (>= 0.12.0)
      websocket-driver (>= 0.2.0)
    ffi (1.9.0)
    ffi (1.9.0-java)
    git (1.2.6)
    github_api (0.10.1)
      addressable
      faraday (~> 0.8.1)
      hashie (>= 1.2)
      multi_json (~> 1.4)
      nokogiri (~> 1.5.2)
      oauth2
    growl (1.0.3)
    hashie (2.0.5)
    highline (1.6.19)
    hirb (0.7.1)
    hitimes (1.2.1)
    hitimes (1.2.1-java)
    httpauth (0.2.0)
    httpclient (2.3.4.1)
    httpi (2.1.0)
      rack
      rubyntlm (~> 0.3.2)
    jruby-openssl (0.8.8)
      bouncy-castle-java (>= 1.5.0147)
    json (1.8.0)
    json (1.8.0-java)
    jwt (0.1.8)
      multi_json (>= 1.5)
    listen (1.3.1)
      rb-fsevent (>= 0.9.3)
      rb-inotify (>= 0.9)
      rb-kqueue (>= 0.2)
    little-plugger (1.1.3)
    logging (1.8.1)
      little-plugger (>= 1.1.3)
      multi_json (>= 1.3.6)
    metaclass (0.0.1)
    method_source (0.8.2)
    mixlib-shellout (1.2.0)
    mocha (0.14.0)
      metaclass (~> 0.0.1)
    multi_json (1.8.0)
    multi_xml (0.5.5)
    multipart-post (1.2.0)
    nokogiri (1.5.10)
    nokogiri (1.5.10-java)
    oauth2 (0.9.2)
      faraday (~> 0.8)
      httpauth (~> 0.2)
      jwt (~> 0.1.4)
      multi_json (~> 1.0)
      multi_xml (~> 0.5)
      rack (~> 1.2)
    oj (2.1.4)
    pry (0.9.12.2)
      coderay (~> 1.0.5)
      method_source (~> 0.8)
      slop (~> 3.4)
    pry (0.9.12.2-java)
      coderay (~> 1.0.5)
      method_source (~> 0.8)
      slop (~> 3.4)
      spoon (~> 0.0)
    rack (1.5.2)
    rake (10.1.0)
    rb-fchange (0.0.6)
      ffi
    rb-fsevent (0.9.3)
    rb-inotify (0.9.2)
      ffi (>= 0.5.0)
    rb-kqueue (0.2.0)
      ffi (>= 0.5.0)
    rdoc (4.0.1)
      json (~> 1.4)
    rubyntlm (0.3.4)
    safe_yaml (0.9.5)
    semver2 (3.3.2)
    simplecov-console (0.1.1)
      colorize
      hirb
      simplecov
    simplecov-html (0.7.1)
    single_test (0.6.0)
      rake
    slop (3.4.6)
    spoon (0.0.4)
      ffi
    turn (0.9.6)
      ansi
    webmock (1.13.0)
      addressable (>= 2.2.7)
      crack (>= 0.3.2)
    websocket-driver (0.2.3)
    websocket-driver (0.2.3-java)
    yard (0.8.7)

PLATFORMS
  java
  ruby

DEPENDENCIES
  api-auth!
  bundler (~> 1.1)
  curb
  easycov!
  faye-websocket
  httpclient
  httpi
  jeweler!
  jruby-openssl
  json
  logging
  micron!
  mixlib-shellout
  mocha
  multi_json
  oj
  pry
  rb-fchange
  rb-fsevent
  rb-inotify
  semver2
  simplecov!
  test_guard!
  webmock
  yard (~> 0.8)
